GEM
  remote: https://rubygems.org/
  specs:
    driq (0.4.2)
    webrick (1.7.0)

PLATFORMS
  x86_64-darwin-19

DEPENDENCIES
  driq
  webrick (~> 1.7)

BUNDLED WITH
   2.2.11
