GEM
  remote: https://rubygems.org/
  specs:
    driq (0.4.2)

PLATFORMS
  x86_64-darwin-19

DEPENDENCIES
  driq

BUNDLED WITH
   2.2.11
